GEM
  remote: https://rubygems.org/
  specs:
    addressable (2.6.0)
      public_suffix (>= 2.0.2, < 4.0)
    adsf (1.4.1)
      rack (>= 1.0.0, < 3.0.0)
    coderay (1.1.2)
    colored (1.2)
    concurrent-ruby (1.1.5)
    cri (2.15.3)
      colored (~> 1.2)
    ddmemoize (1.0.0)
      ddmetrics (~> 1.0)
      ref (~> 2.0)
    ddmetrics (1.0.1)
    ddplugin (1.0.2)
    ffi (1.10.0)
    formatador (0.2.5)
    guard (2.15.0)
      formatador (>= 0.2.4)
      listen (>= 2.7, < 4.0)
      lumberjack (>= 1.0.12, < 2.0)
      nenv (~> 0.1)
      notiffany (~> 0.0)
      pry (>= 0.9.12)
      shellany (~> 0.0)
      thor (>= 0.18.1)
    guard-compat (1.2.1)
    guard-nanoc (2.1.6)
      guard (~> 2.8)
      guard-compat (~> 1.0)
      nanoc (>= 4.3.8, < 5.0)
    hamster (3.0.0)
      concurrent-ruby (~> 1.0)
    json_schema (0.20.4)
    kramdown (2.1.0)
    listen (3.1.5)
      rb-fsevent (~> 0.9, >= 0.9.4)
      rb-inotify (~> 0.9, >= 0.9.7)
      ruby_dep (~> 1.2)
    lumberjack (1.0.13)
    method_source (0.9.2)
    mina (1.2.3)
      open4 (~> 1.3.4)
      rake
    mini_portile2 (2.4.0)
    nanoc (4.10.3)
      addressable (~> 2.5)
      cri (~> 2.15)
      ddmemoize (~> 1.0)
      ddmetrics (~> 1.0)
      ddplugin (~> 1.0)
      hamster (~> 3.0)
      json_schema (~> 0.19)
      parallel (~> 1.12)
      ref (~> 2.0)
      slow_enumerator_tools (~> 1.0)
      tomlrb (~> 1.2)
    nenv (0.3.0)
    nokogiri (1.10.2)
      mini_portile2 (~> 2.4.0)
    notiffany (0.1.1)
      nenv (~> 0.1)
      shellany (~> 0.0)
    open4 (1.3.4)
    parallel (1.17.0)
    pry (0.12.2)
      coderay (~> 1.1.0)
      method_source (~> 0.9.0)
    public_suffix (3.0.3)
    rack (2.0.7)
    rake (12.3.2)
    rb-fsevent (0.10.3)
    rb-inotify (0.10.0)
      ffi (~> 1.0)
    ref (2.0.0)
    ruby_dep (1.5.0)
    rubypants (0.7.0)
    shellany (0.0.1)
    slow_enumerator_tools (1.1.0)
    thor (0.20.3)
    tomlrb (1.2.8)
    typogruby (1.0.18)
      rubypants

PLATFORMS
  ruby

DEPENDENCIES
  adsf
  guard-nanoc
  kramdown
  mina
  nanoc (= 4.10.3)
  nokogiri
  typogruby

BUNDLED WITH
   1.16.3
